GIT
  remote: git://github.com/wfarr/vagrant.git
  revision: eb8d899529ad57ccd8f1eef2f5c4b67b0f9e234a
  specs:
    vagrant (0.7.5.dev)
      archive-tar-minitar (= 0.5.2)
      erubis (~> 2.6.6)
      i18n (~> 0.5.0)
      json (~> 1.5.1)
      mario (~> 0.0.6)
      net-scp (~> 1.0.4)
      net-ssh (~> 2.1.0)
      thor (~> 0.14.6)
      virtualbox (~> 0.8.3)

GEM
  remote: http://rubygems.org/
  specs:
    abstract (1.0.0)
    archive-tar-minitar (0.5.2)
    erubis (2.6.6)
      abstract (>= 1.0.0)
    ffi (1.0.8)
    i18n (0.5.0)
    json (1.5.1)
    mario (0.0.6)
    net-scp (1.0.4)
      net-ssh (>= 1.99.1)
    net-ssh (2.1.4)
    thor (0.14.6)
    virtualbox (0.8.5)
      ffi (~> 1.0)

PLATFORMS
  ruby

DEPENDENCIES
  vagrant!
